GEM
  remote: https://rubygems.org/
  specs:
    builder (3.2.2)
    clucumber (0.4.1)
      cucumber (~> 0.10.0)
    cucumber (0.10.7)
      builder (>= 2.1.2)
      diff-lcs (>= 1.1.2)
      gherkin (~> 2.4.0)
      json (>= 1.4.6)
      term-ansicolor (>= 1.0.5)
    diff-lcs (1.2.5)
    gherkin (2.4.21)
      json (>= 1.4.6)
    json (1.8.1)
    term-ansicolor (1.3.0)
      tins (~> 1.0)
    tins (1.3.3)

PLATFORMS
  ruby

DEPENDENCIES
  clucumber
